GEM
  remote: https://rubygems.org/
  specs:
    byebug (10.0.2)
    coderay (1.1.2)
    method_source (0.9.0)
    progressbar (1.9.0)
    pry (0.11.3)
      coderay (~> 1.1.0)
      method_source (~> 0.9.0)
    pry-byebug (3.6.0)
      byebug (~> 10.0)
      pry (~> 0.10)
    rmagick (2.16.0)

PLATFORMS
  ruby

DEPENDENCIES
  progressbar!
  pry!
  pry-byebug!
  rmagick!

BUNDLED WITH
   1.16.2
